GIT
  remote: git://github.com/argl/active_merchant.git
  revision: edb3ab5890367e6fa324b21f35d7b22cd3c27662
  branch: cacert_update
  specs:
    activemerchant (1.9.3.patched)
      activesupport (>= 2.3.2)
      braintree (>= 2.0.0)
      builder (>= 2.0.0)

GEM
  remote: https://rubygems.org/
  specs:
    activesupport (3.0.20)
    braintree (2.30.2)
      builder (>= 2.0.0)
    builder (3.2.2)
    diff-lcs (1.2.5)
    faker (1.3.0)
      i18n (~> 0.5)
    i18n (0.6.9)
    nokogiri (1.5.6)
    rspec (2.14.1)
      rspec-core (~> 2.14.0)
      rspec-expectations (~> 2.14.0)
      rspec-mocks (~> 2.14.0)
    rspec-core (2.14.8)
    rspec-expectations (2.14.5)
      diff-lcs (>= 1.1.3, < 2.0)
    rspec-mocks (2.14.6)

PLATFORMS
  ruby

DEPENDENCIES
  activemerchant (= 1.9.3.patched)!
  activesupport (= 3.0.20)
  faker
  nokogiri
  rspec
